GIT
  remote: git://github.com/nibble/ramaze.git
  revision: edc465ebc62d43056628ac3cd9d41a95f3f970d5
  branch: paginate-method-all
  specs:
    ramaze (2012.12.08)
      innate (>= 2012.12)
      rake

GEM
  remote: http://rubygems.org/
  specs:
    awesome_print (1.6.1)
    bcrypt (3.1.9)
    byebug (3.5.1)
      columnize (~> 0.8)
      debugger-linecache (~> 1.2)
      slop (~> 3.6)
    charlock_holmes (0.7.3)
    coderay (1.1.0)
    columnize (0.9.0)
    debugger-linecache (1.2.0)
    ffi (1.9.6)
    innate (2013.02.21)
      rack (~> 1.5.2)
    locale (2.1.0)
    method_source (0.8.2)
    mono_logger (1.1.0)
    msgpack (0.5.10)
    multi_json (1.10.1)
    mysql2 (0.4.4)
    pg (0.18.1)
    pry (0.10.1)
      coderay (~> 1.1.0)
      method_source (~> 0.8.1)
      slop (~> 3.4)
    pry-byebug (2.0.0)
      byebug (~> 3.4)
      pry (~> 0.10)
    puma (2.10.2)
      rack (>= 1.1, < 2.0)
    rack (1.5.2)
    rack-protection (1.5.3)
      rack
    rake (10.4.2)
    rbtrace (0.4.6)
      ffi (>= 1.0.6)
      msgpack (>= 0.4.3)
      trollop (>= 1.16.2)
    redis (3.2.0)
    redis-namespace (1.5.1)
      redis (~> 3.0, >= 3.0.4)
    resque (1.25.2)
      mono_logger (~> 1.0)
      multi_json (~> 1.0)
      redis-namespace (~> 1.3)
      sinatra (>= 0.9.2)
      vegas (~> 0.1.2)
    ruby-ogginfo (0.7.2)
    sequel (4.18.0)
    sequel_pg (1.6.11)
      pg (>= 0.8.0)
      sequel (>= 3.39.0)
    sinatra (1.4.5)
      rack (~> 1.4)
      rack-protection (~> 1.4)
      tilt (~> 1.3, >= 1.3.4)
    slop (3.6.0)
    thread_safe (0.3.4)
    tilt (1.4.1)
    trollop (2.1.1)
    tzinfo (1.2.2)
      thread_safe (~> 0.1)
    vegas (0.1.11)
      rack (>= 1.0.0)

PLATFORMS
  ruby

DEPENDENCIES
  awesome_print
  bcrypt
  charlock_holmes
  locale
  mysql2
  pry
  pry-byebug
  puma
  rake
  ramaze!
  rbtrace
  redis
  resque
  ruby-ogginfo
  sequel
  sequel_pg
  tzinfo

BUNDLED WITH
   1.11.2
